GEM
  remote: https://ruby.taobao.org/
  specs:
    bundle (0.0.1)
      bundler
    file-tail (1.1.0)
      tins (~> 1.0)
    minitest (5.4.3)
    ruby2ruby (2.1.3)
      ruby_parser (~> 3.1)
      sexp_processor (~> 4.0)
    ruby_parser (3.6.3)
      sexp_processor (~> 4.1)
    sexp_processor (4.4.4)
    sourcify (0.5.0)
      file-tail (>= 1.0.5)
      ruby2ruby (>= 1.2.5)
      ruby_parser (>= 2.0.5)
      sexp_processor (>= 3.0.5)
    tins (1.3.3)
    yard (0.8.7.6)
    yard-doctest (0.1.3)
      minitest
      sourcify
      yard

PLATFORMS
  ruby

DEPENDENCIES
  bundle
  yard-doctest
